GEM
  remote: http://rubygems.org/
  specs:
    activesupport (3.2.14)
      i18n (~> 0.6, >= 0.6.4)
      multi_json (~> 1.0)
    addressable (2.3.5)
    backports (3.3.3)
    bibtex-ruby (2.3.2)
      latex-decode (>= 0.0.6)
      multi_json (~> 1.3)
    builder (3.2.2)
    chronic (0.9.1)
    citeproc-ruby (0.0.6)
      logging (~> 1.5)
      nokogiri (~> 1.5)
    diff-lcs (1.2.4)
    edtf (1.0.0)
      activesupport (~> 3.0)
    eventmachine (1.0.3)
    faraday (0.8.8)
      multipart-post (~> 1.2.0)
    faraday_middleware (0.9.0)
      faraday (>= 0.7.4, < 0.9)
    i18n (0.6.4)
    json (1.8.0)
    latex-decode (0.1.1)
      unicode (~> 0.4)
    little-plugger (1.1.3)
    logging (1.8.1)
      little-plugger (>= 1.1.3)
      multi_json (>= 1.3.6)
    mini_portile (0.5.1)
    multi_json (1.7.7)
    multipart-post (1.2.0)
    nokogiri (1.6.0)
      mini_portile (~> 0.5.0)
    rack (1.5.2)
    rack-cache (1.2)
      rack (>= 0.4)
    rack-protection (1.5.0)
      rack
    rack-test (0.6.2)
      rack (>= 1.0)
    racksh (1.0.0)
      rack (>= 1.0)
      rack-test (>= 0.5)
    rdf (1.0.7)
      addressable (>= 2.2)
    rdiscount (2.1.6)
    rspec (2.14.1)
      rspec-core (~> 2.14.0)
      rspec-expectations (~> 2.14.0)
      rspec-mocks (~> 2.14.0)
    rspec-core (2.14.4)
    rspec-expectations (2.14.0)
      diff-lcs (>= 1.1.3, < 2.0)
    rspec-mocks (2.14.2)
    sinatra (1.3.6)
      rack (~> 1.4)
      rack-protection (~> 1.3)
      tilt (~> 1.3, >= 1.3.3)
    sinatra-contrib (1.3.2)
      backports (>= 2.0)
      eventmachine
      rack-protection
      rack-test
      sinatra (~> 1.3.0)
      tilt (~> 1.3)
    sinatra-respond_to (0.9.0)
      sinatra (~> 1.3)
    tilt (1.4.1)
    unicode (0.4.4)

PLATFORMS
  ruby

DEPENDENCIES
  bibtex-ruby (= 2.3.2)
  builder
  chronic
  citeproc-ruby
  edtf
  faraday
  faraday_middleware
  json
  latex-decode
  multi_json
  nokogiri
  rack-cache
  rack-test
  racksh
  rdf
  rdiscount
  rspec
  sinatra (~> 1.3.6)
  sinatra-contrib
  sinatra-respond_to
